PATH
  remote: .
  specs:
    wheelhouse-blog (1.0.3)
      mongomodel (>= 0.4.6)
      wheelhouse (>= 1.0.14)
      will_paginate

PATH
  remote: ~/Wheelhouse/wheelhouse
  specs:
    wheelhouse (1.0.17)
      bundler (~> 1.0)
      wheelhouse-admin (= 1.0.17)
      wheelhouse-core (= 1.0.17)
      wheelhouse-editor (= 1.0.17)
      wheelhouse-media (= 1.0.17)
    wheelhouse-admin (1.0.17)
      compass-rails (~> 1.0.3)
      haml (~> 4.0.3)
      inherited_resources (~> 1.4.0)
      will_paginate (~> 3.0.4)
    wheelhouse-core (1.0.17)
      bcrypt-ruby (~> 3.1.1)
      bson_ext (~> 1.9.1)
      cancan (~> 1.6.10)
      draper (~> 1.2.1)
      haml (~> 4.0.3)
      mongomodel (~> 0.5.0)
      ruby2ruby (~> 2.0.6)
      sass-rails (>= 3.1.7)
    wheelhouse-editor (1.0.17)
      tinymce-rails (~> 3.5, >= 3.5.8.2)
    wheelhouse-media (1.0.17)
      dragonfly (~> 0.9.15)

GEM
  remote: https://rubygems.org/
  specs:
    actionmailer (3.2.11)
      actionpack (= 3.2.11)
      mail (~> 2.4.4)
    actionpack (3.2.11)
      activemodel (= 3.2.11)
      activesupport (= 3.2.11)
      builder (~> 3.0.0)
      erubis (~> 2.7.0)
      journey (~> 1.0.4)
      rack (~> 1.4.0)
      rack-cache (~> 1.2)
      rack-test (~> 0.6.1)
      sprockets (~> 2.2.1)
    activemodel (3.2.11)
      activesupport (= 3.2.11)
      builder (~> 3.0.0)
    activerecord (3.2.11)
      activemodel (= 3.2.11)
      activesupport (= 3.2.11)
      arel (~> 3.0.2)
      tzinfo (~> 0.3.29)
    activeresource (3.2.11)
      activemodel (= 3.2.11)
      activesupport (= 3.2.11)
    activesupport (3.2.11)
      i18n (~> 0.6)
      multi_json (~> 1.0)
    arel (3.0.2)
    bcrypt-ruby (3.1.1)
    bson (1.9.1)
    bson_ext (1.9.1)
      bson (~> 1.9.1)
    builder (3.0.4)
    cancan (1.6.10)
    chunky_png (1.2.8)
    compass (0.12.2)
      chunky_png (~> 1.2)
      fssm (>= 0.2.7)
      sass (~> 3.1)
    compass-rails (1.0.3)
      compass (>= 0.12.2, < 0.14)
    diff-lcs (1.1.3)
    dragonfly (0.9.15)
      multi_json (~> 1.0)
      rack
    draper (1.2.1)
      actionpack (>= 3.0)
      activesupport (>= 3.0)
      request_store (~> 1.0.3)
    erubis (2.7.0)
    fssm (0.2.10)
    haml (4.0.3)
      tilt
    has_scope (0.6.0.rc)
      actionpack (>= 3.2, < 5)
      activesupport (>= 3.2, < 5)
    hike (1.2.1)
    i18n (0.6.1)
    inherited_resources (1.4.1)
      has_scope (~> 0.6.0.rc)
      responders (~> 1.0.0.rc)
    journey (1.0.4)
    json (1.7.6)
    mail (2.4.4)
      i18n (>= 0.4.0)
      mime-types (~> 1.16)
      treetop (~> 1.4.8)
    mime-types (1.19)
    mongo (1.9.1)
      bson (~> 1.9.1)
    mongomodel (0.5.0)
      activemodel (>= 3.1)
      activesupport (>= 3.1)
      mongo (~> 1.8)
    multi_json (1.5.0)
    polyglot (0.3.3)
    rack (1.4.4)
    rack-cache (1.2)
      rack (>= 0.4)
    rack-ssl (1.3.2)
      rack
    rack-test (0.6.2)
      rack (>= 1.0)
    rails (3.2.11)
      actionmailer (= 3.2.11)
      actionpack (= 3.2.11)
      activerecord (= 3.2.11)
      activeresource (= 3.2.11)
      activesupport (= 3.2.11)
      bundler (~> 1.0)
      railties (= 3.2.11)
    railties (3.2.11)
      actionpack (= 3.2.11)
      activesupport (= 3.2.11)
      rack-ssl (~> 1.3.2)
      rake (>= 0.8.7)
      rdoc (~> 3.4)
      thor (>= 0.14.6, < 2.0)
    rake (10.0.3)
    rdoc (3.12)
      json (~> 1.4)
    request_store (1.0.5)
    responders (1.0.0.rc)
      railties (>= 3.2, < 5)
    rspec (2.11.0)
      rspec-core (~> 2.11.0)
      rspec-expectations (~> 2.11.0)
      rspec-mocks (~> 2.11.0)
    rspec-core (2.11.1)
    rspec-expectations (2.11.3)
      diff-lcs (~> 1.1.3)
    rspec-mocks (2.11.3)
    rspec-rails (2.11.0)
      actionpack (>= 3.0)
      activesupport (>= 3.0)
      railties (>= 3.0)
      rspec (~> 2.11.0)
    ruby2ruby (2.0.6)
      ruby_parser (~> 3.1)
      sexp_processor (~> 4.0)
    ruby_parser (3.2.2)
      sexp_processor (~> 4.1)
    sass (3.2.10)
    sass-rails (3.2.6)
      railties (~> 3.2.0)
      sass (>= 3.1.10)
      tilt (~> 1.3)
    sexp_processor (4.2.1)
    sprockets (2.2.2)
      hike (~> 1.2)
      multi_json (~> 1.0)
      rack (~> 1.0)
      tilt (~> 1.1, != 1.3.0)
    thor (0.16.0)
    tilt (1.3.3)
    tinymce-rails (3.5.8.3)
      railties (>= 3.1.1)
    treetop (1.4.12)
      polyglot
      polyglot (>= 0.3.1)
    tzinfo (0.3.35)
    will_paginate (3.0.4)

PLATFORMS
  ruby

DEPENDENCIES
  rails (= 3.2.11)
  rspec-rails
  wheelhouse!
  wheelhouse-blog!
